GEM
  remote: http://rubygems.org/
  specs:
    activemodel (3.0.0.beta3)
      activesupport (= 3.0.0.beta3)
    activesupport (3.0.0.beta3)
      builder (~> 2.1.2)
      i18n (~> 0.3.6)
      memcache-client (>= 1.7.5)
      tzinfo (~> 0.3.16)
    builder (2.1.2)
    cassandra (0.8.2)
      json
      rake
      simple_uuid (>= 0.1.0)
      thrift_client (>= 0.4.0)
    i18n (0.3.7)
    json (1.5.3)
    memcache-client (1.8.5)
    nokogiri (1.5.0)
    rake (0.9.2)
    shoulda (2.11.3)
    simple_uuid (0.2.0)
    thrift (0.7.0)
    thrift_client (0.7.0)
      thrift (~> 0.7.0)
    tzinfo (0.3.29)

PLATFORMS
  ruby

DEPENDENCIES
  activemodel (= 3.0.0.beta3)
  activesupport (= 3.0.0.beta3)
  cassandra (= 0.8.2)
  nokogiri
  shoulda
